GEM
  remote: https://rubygems.org/
  specs:
    Ascii85 (1.1.0)
    afm (0.2.2)
    ast (2.4.2)
    base64 (0.1.1)
    childprocess (4.1.0)
    diff-lcs (1.5.0)
    hashery (2.1.2)
    image_size (3.3.0)
    iniparse (1.5.0)
    json (2.6.3)
    jwt (2.7.1)
    language_server-protocol (3.17.0.3)
    mini_portile2 (2.8.4)
    nokogiri (1.15.4)
      mini_portile2 (~> 2.8.2)
      racc (~> 1.4)
    onlyoffice_pdf_parser (0.5.0)
      image_size (>= 2, < 4)
      pdf-reader (~> 2)
      rmagick (>= 4, < 6)
    ooxml_decrypt (1.0.0)
      nokogiri (~> 1.10)
      ruby-ole (~> 1.2)
    ooxml_parser (0.37.1)
      nokogiri (~> 1)
      ooxml_decrypt (~> 1)
      rubyzip (~> 2)
    overcommit (0.60.0)
      childprocess (>= 0.6.3, < 5)
      iniparse (~> 1.4)
      rexml (~> 3.2)
    parallel (1.23.0)
    parallel_tests (4.2.2)
      parallel
    parser (3.2.2.3)
      ast (~> 2.4.1)
      racc
    pdf-reader (2.11.0)
      Ascii85 (~> 1.0)
      afm (~> 0.2.1)
      hashery (~> 2.0)
      ruby-rc4
      ttfunk
    pkg-config (1.5.5)
    racc (1.7.1)
    rainbow (3.1.1)
    rake (13.0.6)
    regexp_parser (2.8.1)
    rexml (3.2.6)
    rmagick (5.3.0)
      pkg-config (~> 1.4)
    rspec (3.12.0)
      rspec-core (~> 3.12.0)
      rspec-expectations (~> 3.12.0)
      rspec-mocks (~> 3.12.0)
    rspec-core (3.12.2)
      rspec-support (~> 3.12.0)
    rspec-expectations (3.12.3)
      diff-lcs (>= 1.2.0, < 2.0)
      rspec-support (~> 3.12.0)
    rspec-mocks (3.12.6)
      diff-lcs (>= 1.2.0, < 2.0)
      rspec-support (~> 3.12.0)
    rspec-support (3.12.1)
    rubocop (1.56.2)
      base64 (~> 0.1.1)
      json (~> 2.3)
      language_server-protocol (>= 3.17.0)
      parallel (~> 1.10)
      parser (>= 3.2.2.3)
      rainbow (>= 2.2.2, < 4.0)
      regexp_parser (>= 1.8, < 3.0)
      rexml (>= 3.2.5, < 4.0)
      rubocop-ast (>= 1.28.1, < 2.0)
      ruby-progressbar (~> 1.7)
      unicode-display_width (>= 2.4.0, < 3.0)
    rubocop-ast (1.29.0)
      parser (>= 3.2.1.0)
    rubocop-capybara (2.18.0)
      rubocop (~> 1.41)
    rubocop-factory_bot (2.23.1)
      rubocop (~> 1.33)
    rubocop-performance (1.19.0)
      rubocop (>= 1.7.0, < 2.0)
      rubocop-ast (>= 0.4.0)
    rubocop-rake (0.6.0)
      rubocop (~> 1.0)
    rubocop-rspec (2.24.0)
      rubocop (~> 1.33)
      rubocop-capybara (~> 2.17)
      rubocop-factory_bot (~> 2.22)
    ruby-ole (1.2.12.2)
    ruby-progressbar (1.13.0)
    ruby-rc4 (0.1.5)
    rubyzip (2.3.2)
    semantic (1.6.1)
    ttfunk (1.7.0)
    unicode-display_width (2.4.2)
    yard (0.9.34)

PLATFORMS
  ruby

DEPENDENCIES
  jwt
  onlyoffice_pdf_parser
  ooxml_parser
  overcommit
  parallel_tests
  rake (>= 12)
  rspec
  rubocop
  rubocop-performance
  rubocop-rake
  rubocop-rspec
  semantic
  yard

BUNDLED WITH
   2.3.24
