GIT
  remote: https://github.com/ONLYOFFICE/ooxml_parser
  revision: 8b057ec3134dee520da7648863530508b38f393f
  specs:
    ooxml_parser (0.4.1)
      nokogiri (~> 1.6)
      ruby-filemagic (~> 0.1)
      rubyzip (~> 1.1)

GIT
  remote: https://github.com/onlyoffice-testing-robot/onlyoffice_pdf_parser
  revision: 2676388d74306fc4ada2b667b0ffdedde0b27af4
  specs:
    onlyoffice_pdf_parser (0.0.1)
      image_size (~> 2)
      pdf-reader (~> 2)
      rmagick (>= 2, < 5)

GEM
  remote: https://rubygems.org/
  specs:
    Ascii85 (1.0.3)
    afm (0.2.2)
    ast (2.4.0)
    childprocess (3.0.0)
    diff-lcs (1.3)
    hashery (2.1.2)
    image_size (2.0.2)
    iniparse (1.4.4)
    jaro_winkler (1.5.3)
    jwt (2.2.1)
    mini_portile2 (2.4.0)
    nokogiri (1.10.4)
      mini_portile2 (~> 2.4.0)
    overcommit (0.50.0)
      childprocess (>= 0.6.3, < 4)
      iniparse (~> 1.4)
    parallel (1.17.0)
    parallel_tests (2.29.2)
      parallel
    parser (2.6.3.0)
      ast (~> 2.4.0)
    pdf-reader (2.2.0)
      Ascii85 (~> 1.0.0)
      afm (~> 0.2.1)
      hashery (~> 2.0)
      ruby-rc4
      ttfunk
    rainbow (3.0.0)
    rake (12.3.3)
    rmagick (4.0.0)
    rspec (3.8.0)
      rspec-core (~> 3.8.0)
      rspec-expectations (~> 3.8.0)
      rspec-mocks (~> 3.8.0)
    rspec-core (3.8.2)
      rspec-support (~> 3.8.0)
    rspec-expectations (3.8.4)
      diff-lcs (>= 1.2.0, < 2.0)
      rspec-support (~> 3.8.0)
    rspec-mocks (3.8.1)
      diff-lcs (>= 1.2.0, < 2.0)
      rspec-support (~> 3.8.0)
    rspec-support (3.8.2)
    rubocop (0.74.0)
      jaro_winkler (~> 1.5.1)
      parallel (~> 1.10)
      parser (>= 2.6)
      rainbow (>= 2.2.2, < 4.0)
      ruby-progressbar (~> 1.7)
      unicode-display_width (>= 1.4.0, < 1.7)
    ruby-filemagic (0.7.2)
    ruby-progressbar (1.10.1)
    ruby-rc4 (0.1.5)
    rubyzip (1.2.3)
    semantic (1.6.1)
    ttfunk (1.5.1)
    unicode-display_width (1.6.0)

PLATFORMS
  ruby

DEPENDENCIES
  jwt
  onlyoffice_pdf_parser!
  ooxml_parser!
  overcommit
  parallel_tests
  rake (>= 12)
  rspec
  rubocop
  semantic

BUNDLED WITH
   2.0.1
