GEM
  remote: https://rubygems.org/
  specs:
    Ascii85 (2.0.1)
    afm (0.2.2)
    ast (2.4.2)
    base64 (0.2.0)
    bigdecimal (3.1.9)
    childprocess (5.1.0)
      logger (~> 1.5)
    csv (3.3.2)
    diff-lcs (1.5.1)
    hashery (2.1.2)
    image_size (3.4.0)
    iniparse (1.5.0)
    json (2.9.1)
    jwt (2.10.1)
      base64
    language_server-protocol (3.17.0.4)
    logger (1.6.5)
    mini_portile2 (2.8.8)
    nokogiri (1.18.2)
      mini_portile2 (~> 2.8.2)
      racc (~> 1.4)
    observer (0.1.2)
    onlyoffice_pdf_parser (0.6.0)
      image_size (>= 2, < 4)
      pdf-reader (~> 2)
      rmagick (>= 4, < 7)
    ooxml_decrypt (1.0.0)
      nokogiri (~> 1.10)
      ruby-ole (~> 1.2)
    ooxml_parser (0.37.1)
      nokogiri (~> 1)
      ooxml_decrypt (~> 1)
      rubyzip (~> 2)
    overcommit (0.66.0)
      childprocess (>= 0.6.3, < 6)
      iniparse (~> 1.4)
      rexml (>= 3.3.9)
    parallel (1.26.3)
    parallel_tests (4.9.0)
      parallel
    parser (3.3.7.1)
      ast (~> 2.4.1)
      racc
    pdf-reader (2.14.0)
      Ascii85 (>= 1.0, < 3.0, != 2.0.0)
      afm (~> 0.2.1)
      hashery (~> 2.0)
      ruby-rc4
      ttfunk
    pkg-config (1.5.9)
    racc (1.8.1)
    rainbow (3.1.1)
    rake (13.2.1)
    regexp_parser (2.10.0)
    rexml (3.4.0)
    rmagick (6.1.1)
      observer (~> 0.1)
      pkg-config (~> 1.4)
    rspec (3.13.0)
      rspec-core (~> 3.13.0)
      rspec-expectations (~> 3.13.0)
      rspec-mocks (~> 3.13.0)
    rspec-core (3.13.2)
      rspec-support (~> 3.13.0)
    rspec-expectations (3.13.3)
      diff-lcs (>= 1.2.0, < 2.0)
      rspec-support (~> 3.13.0)
    rspec-mocks (3.13.2)
      diff-lcs (>= 1.2.0, < 2.0)
      rspec-support (~> 3.13.0)
    rspec-support (3.13.2)
    rubocop (1.71.1)
      json (~> 2.3)
      language_server-protocol (>= 3.17.0)
      parallel (~> 1.10)
      parser (>= 3.3.0.2)
      rainbow (>= 2.2.2, < 4.0)
      regexp_parser (>= 2.9.3, < 3.0)
      rubocop-ast (>= 1.38.0, < 2.0)
      ruby-progressbar (~> 1.7)
      unicode-display_width (>= 2.4.0, < 4.0)
    rubocop-ast (1.38.0)
      parser (>= 3.3.1.0)
    rubocop-performance (1.23.1)
      rubocop (>= 1.48.1, < 2.0)
      rubocop-ast (>= 1.31.1, < 2.0)
    rubocop-rake (0.6.0)
      rubocop (~> 1.0)
    rubocop-rspec (3.4.0)
      rubocop (~> 1.61)
    ruby-ole (1.2.13.1)
    ruby-progressbar (1.13.0)
    ruby-rc4 (0.1.5)
    rubyzip (2.4.1)
    semantic (1.6.1)
    ttfunk (1.8.0)
      bigdecimal (~> 3.1)
    unicode-display_width (3.1.4)
      unicode-emoji (~> 4.0, >= 4.0.4)
    unicode-emoji (4.0.4)
    yard (0.9.37)

PLATFORMS
  ruby

DEPENDENCIES
  csv (~> 3)
  jwt
  logger (~> 1)
  onlyoffice_pdf_parser
  ooxml_parser
  overcommit
  parallel_tests
  rake (>= 12)
  rspec
  rubocop
  rubocop-performance
  rubocop-rake
  rubocop-rspec
  semantic
  yard

RUBY VERSION
   ruby 3.4.1p0

BUNDLED WITH
   2.6.2
