GEM
  remote: https://rubygems.org/
  specs:
    Ascii85 (1.0.3)
    afm (0.2.2)
    ast (2.4.1)
    childprocess (4.0.0)
    diff-lcs (1.4.2)
    hashery (2.1.2)
    image_size (2.0.2)
    iniparse (1.5.0)
    jwt (2.2.1)
    mini_portile2 (2.4.0)
    nokogiri (1.10.9)
      mini_portile2 (~> 2.4.0)
    onlyoffice_pdf_parser (0.1.2)
      image_size (~> 2)
      pdf-reader (~> 2)
      rmagick (>= 2, < 5)
    ooxml_parser (0.6.0)
      nokogiri (~> 1.6)
      ruby-filemagic (~> 0.1)
      rubyzip (>= 1.1, < 3.0)
    overcommit (0.54.0)
      childprocess (>= 0.6.3, < 5)
      iniparse (~> 1.4)
    parallel (1.19.2)
    parallel_tests (3.0.0)
      parallel
    parser (2.7.1.4)
      ast (~> 2.4.1)
    pdf-reader (2.4.0)
      Ascii85 (~> 1.0.0)
      afm (~> 0.2.1)
      hashery (~> 2.0)
      ruby-rc4
      ttfunk
    rainbow (3.0.0)
    rake (13.0.1)
    regexp_parser (1.7.1)
    rexml (3.2.4)
    rmagick (4.1.2)
    rspec (3.9.0)
      rspec-core (~> 3.9.0)
      rspec-expectations (~> 3.9.0)
      rspec-mocks (~> 3.9.0)
    rspec-core (3.9.2)
      rspec-support (~> 3.9.3)
    rspec-expectations (3.9.2)
      diff-lcs (>= 1.2.0, < 2.0)
      rspec-support (~> 3.9.0)
    rspec-mocks (3.9.1)
      diff-lcs (>= 1.2.0, < 2.0)
      rspec-support (~> 3.9.0)
    rspec-support (3.9.3)
    rubocop (0.86.0)
      parallel (~> 1.10)
      parser (>= 2.7.0.1)
      rainbow (>= 2.2.2, < 4.0)
      regexp_parser (>= 1.7)
      rexml
      rubocop-ast (>= 0.0.3, < 1.0)
      ruby-progressbar (~> 1.7)
      unicode-display_width (>= 1.4.0, < 2.0)
    rubocop-ast (0.1.0)
      parser (>= 2.7.0.1)
    rubocop-rspec (1.40.0)
      rubocop (>= 0.68.1)
    ruby-filemagic (0.7.2)
    ruby-progressbar (1.10.1)
    ruby-rc4 (0.1.5)
    rubyzip (2.3.0)
    semantic (1.6.1)
    ttfunk (1.6.2.1)
    unicode-display_width (1.7.0)

PLATFORMS
  ruby

DEPENDENCIES
  jwt
  onlyoffice_pdf_parser
  ooxml_parser
  overcommit
  parallel_tests
  rake (>= 12)
  rspec
  rubocop
  rubocop-rspec
  semantic

BUNDLED WITH
   2.1.4
