GEM
  remote: https://rubygems.org/
  specs:
    Ascii85 (1.0.3)
    afm (0.2.2)
    ast (2.4.1)
    childprocess (4.0.0)
    diff-lcs (1.4.4)
    hashery (2.1.2)
    image_size (2.1.0)
    iniparse (1.5.0)
    jwt (2.2.2)
    mini_portile2 (2.4.0)
    nokogiri (1.10.10)
      mini_portile2 (~> 2.4.0)
    onlyoffice_pdf_parser (0.2.1)
      image_size (~> 2)
      pdf-reader (~> 2)
      rmagick (>= 2, < 5)
    ooxml_parser (0.9.1)
      nokogiri (~> 1.6)
      ruby-filemagic (~> 0.1)
      rubyzip (>= 1.1, < 3.0)
    overcommit (0.56.0)
      childprocess (>= 0.6.3, < 5)
      iniparse (~> 1.4)
    parallel (1.19.2)
    parallel_tests (3.3.0)
      parallel
    parser (2.7.1.5)
      ast (~> 2.4.1)
    pdf-reader (2.4.1)
      Ascii85 (~> 1.0.0)
      afm (~> 0.2.1)
      hashery (~> 2.0)
      ruby-rc4
      ttfunk
    rainbow (3.0.0)
    rake (13.0.1)
    regexp_parser (1.8.1)
    rexml (3.2.4)
    rmagick (4.1.2)
    rspec (3.9.0)
      rspec-core (~> 3.9.0)
      rspec-expectations (~> 3.9.0)
      rspec-mocks (~> 3.9.0)
    rspec-core (3.9.3)
      rspec-support (~> 3.9.3)
    rspec-expectations (3.9.2)
      diff-lcs (>= 1.2.0, < 2.0)
      rspec-support (~> 3.9.0)
    rspec-mocks (3.9.1)
      diff-lcs (>= 1.2.0, < 2.0)
      rspec-support (~> 3.9.0)
    rspec-support (3.9.3)
    rubocop (0.92.0)
      parallel (~> 1.10)
      parser (>= 2.7.1.5)
      rainbow (>= 2.2.2, < 4.0)
      regexp_parser (>= 1.7)
      rexml
      rubocop-ast (>= 0.5.0)
      ruby-progressbar (~> 1.7)
      unicode-display_width (>= 1.4.0, < 2.0)
    rubocop-ast (0.7.1)
      parser (>= 2.7.1.5)
    rubocop-performance (1.8.1)
      rubocop (>= 0.87.0)
      rubocop-ast (>= 0.4.0)
    rubocop-rake (0.5.1)
      rubocop
    rubocop-rspec (1.43.2)
      rubocop (~> 0.87)
    ruby-filemagic (0.7.2)
    ruby-progressbar (1.10.1)
    ruby-rc4 (0.1.5)
    rubyzip (2.3.0)
    semantic (1.6.1)
    ttfunk (1.6.2.1)
    unicode-display_width (1.7.0)
    yard (0.9.25)

PLATFORMS
  ruby

DEPENDENCIES
  jwt
  onlyoffice_pdf_parser
  ooxml_parser
  overcommit
  parallel_tests
  rake (>= 12)
  rspec
  rubocop
  rubocop-performance
  rubocop-rake
  rubocop-rspec
  semantic
  yard

BUNDLED WITH
   2.1.4
